GEM
  remote: http://rubygems.org/
  specs:
    archive-tar-minitar (0.5.2)
    coderay (1.0.7)
    columnize (0.3.6)
    diff-lcs (1.1.3)
    linecache19 (0.5.12)
      ruby_core_source (>= 0.1.4)
    method_source (0.8)
    pry (0.9.10)
      coderay (~> 1.0.5)
      method_source (~> 0.8)
      slop (~> 3.3.1)
    racc (1.4.9)
    rspec (2.11.0)
      rspec-core (~> 2.11.0)
      rspec-expectations (~> 2.11.0)
      rspec-mocks (~> 2.11.0)
    rspec-core (2.11.1)
    rspec-expectations (2.11.2)
      diff-lcs (~> 1.1.3)
    rspec-mocks (2.11.2)
    ruby-debug-base19 (0.11.25)
      columnize (>= 0.3.1)
      linecache19 (>= 0.5.11)
      ruby_core_source (>= 0.1.4)
    ruby-debug19 (0.11.6)
      columnize (>= 0.3.1)
      linecache19 (>= 0.5.11)
      ruby-debug-base19 (>= 0.11.19)
    ruby_core_source (0.1.5)
      archive-tar-minitar (>= 0.5.2)
    slop (3.3.2)
    term-ansicolor (1.0.7)

PLATFORMS
  ruby

DEPENDENCIES
  pry
  racc
  rspec
  ruby-debug19
  term-ansicolor
